GEM
  remote: https://rubygems.org/
  specs:
    bcrypt (3.1.18)
    ffi (1.15.5)
    multi_json (1.15.0)
    mustermann (3.0.0)
      ruby2_keywords (~> 0.0.1)
    nio4r (2.5.9)
    puma (6.2.2)
      nio4r (~> 2.0)
    rack (2.2.6.4)
    rack-protection (3.0.6)
      rack
    ruby2_keywords (0.0.5)
    sassc (2.4.0)
      ffi (~> 1.9)
    sinatra (3.0.6)
      mustermann (~> 3.0)
      rack (~> 2.2, >= 2.2.4)
      rack-protection (= 3.0.6)
      tilt (~> 2.0)
    sinatra-contrib (3.0.6)
      multi_json
      mustermann (~> 3.0)
      rack-protection (= 3.0.6)
      sinatra (= 3.0.6)
      tilt (~> 2.0)
    slim (5.1.0)
      temple (~> 0.10.0)
      tilt (>= 2.0.6, < 2.2)
    sqlite3 (1.6.2-x64-mingw-ucrt)
    temple (0.10.0)
    tilt (2.1.0)

PLATFORMS
  x64-mingw-ucrt

DEPENDENCIES
  bcrypt
  puma
  sassc
  sinatra
  sinatra-contrib
  slim
  sqlite3

BUNDLED WITH
   2.3.17
